GEM
  specs:
    byebug (12.0.0)
    coderay (1.1.3)
    method_source (1.1.0)
    pry (0.15.2)
      coderay (~> 1.1)
      method_source (~> 1.0)
    pry-byebug (3.11.0)
      byebug (~> 12.0)
      pry (>= 0.13, < 0.16)

PLATFORMS
  ruby
  x86_64-linux

DEPENDENCIES
  pry-byebug

BUNDLED WITH
   2.7.2
